PATH
  remote: .
  specs:
    nyaa (0.3.0)
      formatador (~> 0.2.3)
      nokogiri (~> 1.5.5)
      rest-client (~> 1.6.7)
      trollop (~> 1.16.2)

GEM
  remote: http://rubygems.org/
  specs:
    addressable (2.3.2)
    ansi (1.4.3)
    crack (0.3.1)
    formatador (0.2.3)
    mime-types (1.19)
    minitest (3.3.0)
    nokogiri (1.5.5)
    rake (0.9.2.2)
    rest-client (1.6.7)
      mime-types (>= 1.16)
    trollop (1.16.2)
    turn (0.8.2)
      ansi (>= 1.2.2)
    vcr (2.2.4)
    webmock (1.8.9)
      addressable (>= 2.2.7)
      crack (>= 0.1.7)

PLATFORMS
  ruby

DEPENDENCIES
  minitest
  nyaa!
  rake
  turn (< 0.8.3)
  vcr
  webmock
