PATH
  remote: .
  specs:
    nyaa (0.3.0)
      formatador (~> 0.2.3)
      nokogiri (~> 1.5.5)
      rest-client (~> 1.6.7)
      trollop (~> 1.16.2)

GEM
  remote: http://rubygems.org/
  specs:
    diff-lcs (1.1.3)
    formatador (0.2.3)
    mime-types (1.19)
    multi_json (1.3.6)
    nokogiri (1.5.5)
    rake (0.9.2.2)
    rest-client (1.6.7)
      mime-types (>= 1.16)
    rspec (2.11.0)
      rspec-core (~> 2.11.0)
      rspec-expectations (~> 2.11.0)
      rspec-mocks (~> 2.11.0)
    rspec-core (2.11.1)
    rspec-expectations (2.11.2)
      diff-lcs (~> 1.1.3)
    rspec-mocks (2.11.2)
    simplecov (0.6.4)
      multi_json (~> 1.0)
      simplecov-html (~> 0.5.3)
    simplecov-html (0.5.3)
    trollop (1.16.2)

PLATFORMS
  ruby

DEPENDENCIES
  nyaa!
  rake
  rspec
  simplecov
